GEM
  remote: https://rubygems.org/
  specs:
    posix-spawn (0.3.8)
    pygments.rb (0.6.0)
      posix-spawn (~> 0.3.6)
      yajl-ruby (~> 1.1.0)
    yajl-ruby (1.1.0)

PLATFORMS
  ruby

DEPENDENCIES
  pygments.rb (~> 0.6.0)
